GIT
  remote: git://github.com/jedfoster/s3_website.git
  revision: b3cf08bc0fadde5dbb38a81b1717e1bd675f550f
  branch: 1.x
  specs:
    s3_website (1.8.1)
      aws-sdk (~> 1)
      configure-s3-website (= 1.5.5)
      dotenv (~> 0.11.1)
      erubis (~> 2.7.0)
      filey-diff (~> 2.0.0)
      mime-types (~> 1)
      simple-cloudfront-invalidator (~> 1)
      thor (= 0.18.1)
      zopfli (~> 0.0.3)

GIT
  remote: git://github.com/rack/rack-contrib.git
  revision: 6ff3ca2b2d988911ca52a2712f6a7da5e064aa27
  specs:
    rack-contrib (1.2.0)
      rack (>= 0.9.1)

GEM
  remote: http://rubygems.org/
  specs:
    activesupport (4.0.3)
      i18n (~> 0.6, >= 0.6.4)
      minitest (~> 4.2)
      multi_json (~> 1.3)
      thread_safe (~> 0.1)
      tzinfo (~> 0.3.37)
    addressable (2.3.5)
    atomic (1.1.15)
    aws-sdk (1.47.0)
      json (~> 1.4)
      nokogiri (>= 1.4.4)
    chairman (0.1.5)
      dalli (~> 2.6.4)
      faraday-http-cache (~> 0.4.0)
      memcachier (~> 0.0.2)
      octokit (~> 2.0)
      oj (~> 2.4.0)
      sinatra (~> 1.4.3)
    chunky_png (1.3.0)
    closure-compiler (1.1.10)
    coderay (1.1.0)
    colored (1.2)
    compass (1.0.0.alpha.18)
      chunky_png (~> 1.2)
      compass-core (~> 1.0.0.alpha.17)
      compass-import-once (~> 1.0.2)
      json
      listen (~> 1.1.0)
      sass (~> 3.3.0.rc.3)
    compass-core (1.0.0.alpha.17)
      multi_json (~> 1.0)
      sass (>= 3.3.rc.3)
    compass-import-once (1.0.2)
    configure-s3-website (1.5.5)
      deep_merge (= 1.0.0)
    cssmin (1.0.3)
    dalli (2.6.4)
    deep_merge (1.0.0)
    dotenv (0.11.1)
      dotenv-deployment (~> 0.0.2)
    dotenv-deployment (0.0.2)
    erubis (2.7.0)
    execjs (2.0.2)
    faraday (0.9.0)
      multipart-post (>= 1.2, < 3)
    faraday-http-cache (0.4.0)
      faraday (~> 0.8)
    ffi (1.9.0)
    filey-diff (2.0.0)
    i18n (0.6.9)
    jammit (0.6.6)
      cssmin (>= 1.0.3)
      jsmin (>= 1.0.1)
    jsmin (1.0.1)
    json (1.8.1)
    kgio (2.9.2)
    listen (1.1.6)
      rb-fsevent (>= 0.9.3)
      rb-inotify (>= 0.9)
      rb-kqueue (>= 0.2)
    memcachier (0.0.2)
    method_source (0.8.2)
    mime-types (1.25.1)
    mini_portile (0.6.0)
    minitest (4.7.5)
    multi_json (1.9.0)
    multipart-post (2.0.0)
    newrelic_rpm (3.7.3.199)
    nokogiri (1.6.3.1)
      mini_portile (= 0.6.0)
    octokit (2.7.2)
      sawyer (~> 0.5.2)
    oj (2.4.3)
    pry (0.9.12.6)
      coderay (~> 1.0)
      method_source (~> 0.8)
      slop (~> 3.4)
    pry-remote (0.1.8)
      pry (~> 0.9)
      slop (~> 3.0)
    rack (1.5.2)
    rack-cache (1.2)
      rack (>= 0.4)
    rack-protection (1.5.2)
      rack
    raindrops (0.13.0)
    rake (10.1.1)
    rb-fsevent (0.9.4)
    rb-inotify (0.9.3)
      ffi (>= 0.5.0)
    rb-kqueue (0.2.2)
      ffi (>= 0.5.0)
    sass (3.3.0)
      rake
    sawyer (0.5.3)
      addressable (~> 2.3.5)
      faraday (~> 0.8, < 0.10)
    simple-cloudfront-invalidator (1.0.1)
      colored (= 1.2)
    sinatra (1.4.4)
      rack (~> 1.4)
      rack-protection (~> 1.4)
      tilt (~> 1.3, >= 1.3.4)
    sinatra-partial (0.4.0)
      sinatra
    slop (3.4.7)
    stipe (0.0.6.4)
      compass (>= 0.11)
      sass (>= 3.2.1)
    thor (0.18.1)
    thread_safe (0.2.0)
      atomic (>= 1.1.7, < 2)
    tilt (1.4.1)
    tzinfo (0.3.39)
    unicorn (4.8.2)
      kgio (~> 2.6)
      rack
      raindrops (~> 0.7)
    zopfli (0.0.3)

PLATFORMS
  ruby

DEPENDENCIES
  activesupport
  chairman
  closure-compiler
  compass (= 1.0.0.alpha.18)
  execjs
  faraday
  ffi (= 1.9.0)
  jammit
  newrelic_rpm
  nokogiri
  pry-remote
  rack-cache
  rack-contrib!
  rake
  s3_website!
  sass
  sinatra
  sinatra-partial
  stipe
  unicorn
